PATH
  remote: .
  specs:
    spokr (0.0.1)
      httparty

GEM
  remote: http://rubygems.org/
  specs:
    configuration (1.2.0)
    crack (0.1.8)
    diff-lcs (1.1.2)
    guard (0.2.2)
      open_gem (~> 1.4.2)
      thor (~> 0.14.3)
    httparty (0.6.1)
      crack (= 0.1.8)
    launchy (0.3.7)
      configuration (>= 0.0.5)
      rake (>= 0.8.1)
    open_gem (1.4.2)
      launchy (~> 0.3.5)
    rake (0.8.7)
    rspec (2.3.0)
      rspec-core (~> 2.3.0)
      rspec-expectations (~> 2.3.0)
      rspec-mocks (~> 2.3.0)
    rspec-core (2.3.0)
    rspec-expectations (2.3.0)
      diff-lcs (~> 1.1.2)
    rspec-mocks (2.3.0)
    thor (0.14.6)

PLATFORMS
  ruby

DEPENDENCIES
  guard
  httparty
  rspec
  spokr!
